GEM
  remote: https://rubygems.vpsfree.cz/
  specs:
    gli (2.17.2)
    json (2.2.0)
    libosctl (18.09.0.build20190303135935)
      require_all (~> 2.0.0)
    osup (18.09.0.build20190303135935)
      gli (~> 2.17.1)
      json
      libosctl (= 18.09.0.build20190303135935)
      require_all (~> 2.0.0)
    require_all (2.0.0)

PLATFORMS
  ruby

DEPENDENCIES
  osup (= 18.09.0.build20190303135935)

BUNDLED WITH
   1.16.3
